GEM
  remote: http://rubygems.org/
  specs:
    os (0.9.6)
    rake (0.9.2.2)

PLATFORMS
  ruby
  x86-mingw32

DEPENDENCIES
  os
  rake
